PATH
  remote: .
  specs:
    lab4 (1.0.0)

GEM
  remote: https://rubygems.org/
  specs:
    diff-lcs (1.3)
    mini_portile2 (2.3.0)
    nokogiri (1.8.1)
      mini_portile2 (~> 2.3.0)
    nokogiri-happymapper (0.6.0)
      nokogiri (~> 1.5)
    rake (10.5.0)
    rspec (3.7.0)
      rspec-core (~> 3.7.0)
      rspec-expectations (~> 3.7.0)
      rspec-mocks (~> 3.7.0)
    rspec-core (3.7.0)
      rspec-support (~> 3.7.0)
    rspec-expectations (3.7.0)
      diff-lcs (>= 1.2.0, < 2.0)
      rspec-support (~> 3.7.0)
    rspec-mocks (3.7.0)
      diff-lcs (>= 1.2.0, < 2.0)
      rspec-support (~> 3.7.0)
    rspec-support (3.7.0)
    sax-machine (1.3.2)

PLATFORMS
  ruby

DEPENDENCIES
  bundler (~> 1.16)
  lab4!
  nokogiri (~> 1.6)
  nokogiri-happymapper
  rake (~> 10.0)
  rspec (~> 3.0)
  sax-machine

BUNDLED WITH
   1.16.0
